PATH
  remote: .
  specs:
    vertigo (0.0.1.a)

GEM
  remote: http://rubygems.org/
  specs:

PLATFORMS
  ruby

DEPENDENCIES
  vertigo!
