PATH
  remote: .
  specs:
    vertigo (0.0.1.a)

GEM
  remote: http://rubygems.org/
  specs:
    rake (0.8.7)

PLATFORMS
  ruby

DEPENDENCIES
  rake (~> 0.8.7)
  vertigo!
