PATH
  remote: .
  specs:
    vertigo (0.0.1.a)
      soap4r (~> 1.5.8)

GEM
  remote: http://rubygems.org/
  specs:
    diff-lcs (1.1.2)
    httpclient (2.2.1)
    rake (0.8.7)
    rspec (2.6.0)
      rspec-core (~> 2.6.0)
      rspec-expectations (~> 2.6.0)
      rspec-mocks (~> 2.6.0)
    rspec-core (2.6.4)
    rspec-expectations (2.6.0)
      diff-lcs (~> 1.1.2)
    rspec-mocks (2.6.0)
    soap4r (1.5.8)
      httpclient (>= 2.1.1)
    yard (0.7.2)

PLATFORMS
  ruby

DEPENDENCIES
  rake (~> 0.8.7)
  rspec (~> 2.6.0)
  vertigo!
  yard (< 1.0.0)
