PATH
  remote: .
  specs:
    vertigo (0.0.1.d)
      soap4r (~> 1.5.8)

GEM
  remote: http://rubygems.org/
  specs:
    diff-lcs (1.1.3)
    fakeweb (1.3.0)
    httpclient (2.3.0.1)
    rake (10.0.2)
    rspec (2.12.0)
      rspec-core (~> 2.12.0)
      rspec-expectations (~> 2.12.0)
      rspec-mocks (~> 2.12.0)
    rspec-core (2.12.0)
    rspec-expectations (2.12.0)
      diff-lcs (~> 1.1.3)
    rspec-mocks (2.12.0)
    soap4r (1.5.8)
      httpclient (>= 2.1.1)
    yard (0.8.3)

PLATFORMS
  ruby

DEPENDENCIES
  fakeweb (~> 1.3.0)
  rake (~> 10.0.2)
  rspec (~> 2.12.0)
  vertigo!
  yard (< 1.0.0)
